PATH
  remote: .
  specs:
    tempeh (0.2.0)

GEM
  remote: https://rubygems.org/
  specs:
    clap (1.0.0)
    cutest (1.2.3)
      clap

PLATFORMS
  ruby

DEPENDENCIES
  cutest
  tempeh!

BUNDLED WITH
   1.15.1
